GIT
  remote: https://github.com/ryanfb/geocollider.git
  revision: 908090403218c864e4e434daa6d43427406d3560
  specs:
    geocollider (0.0.0)
      highline
      pbf_parser
      rgeo
      rgeo-geojson

GEM
  remote: https://rubygems.org/
  specs:
    haml (4.0.7)
      tilt
    highline (1.7.8)
    pbf_parser (0.2.0)
    rack (1.6.4)
    rack-protection (1.5.3)
      rack
    rgeo (0.5.3)
    rgeo-geojson (0.4.3)
      rgeo (~> 0.5)
    sinatra (1.4.7)
      rack (~> 1.5)
      rack-protection (~> 1.4)
      tilt (>= 1.3, < 3)
    tilt (2.0.5)

PLATFORMS
  ruby

DEPENDENCIES
  geocollider!
  haml
  sinatra

BUNDLED WITH
   1.13.2
