GIT
  remote: https://github.com/ryanfb/geocollider.git
  revision: 2e82cdf059547a95eea98956ba267f9701c22bf0
  specs:
    geocollider (0.0.0)
      highline
      i18n
      rgeo
      rgeo-geojson

GEM
  remote: https://rubygems.org/
  specs:
    activesupport (5.0.2)
      concurrent-ruby (~> 1.0, >= 1.0.2)
      i18n (~> 0.7)
      minitest (~> 5.1)
      tzinfo (~> 1.1)
    coffee-script (2.4.1)
      coffee-script-source
      execjs
    coffee-script-source (1.12.2)
    concurrent-ruby (1.0.5)
    execjs (2.7.0)
    haml (4.0.7)
      tilt
    highline (1.7.8)
    i18n (0.8.1)
    minitest (5.10.1)
    rack (1.6.5)
    rack-attack (5.0.1)
      rack
    rack-protection (1.5.3)
      rack
    rgeo (0.6.0)
    rgeo-geojson (0.4.3)
      rgeo (~> 0.5)
    sass (3.4.23)
    sinatra (1.4.8)
      rack (~> 1.5)
      rack-protection (~> 1.4)
      tilt (>= 1.3, < 3)
    sprockets (3.7.1)
      concurrent-ruby (~> 1.0)
      rack (> 1, < 3)
    thread_safe (0.3.6)
    tilt (2.0.6)
    tzinfo (1.2.2)
      thread_safe (~> 0.1)
    uglifier (3.1.7)
      execjs (>= 0.3.0, < 3)

PLATFORMS
  ruby

DEPENDENCIES
  activesupport (>= 3.0.0)
  coffee-script
  execjs
  geocollider!
  haml
  rack-attack
  sass
  sinatra
  sprockets
  uglifier

BUNDLED WITH
   1.13.2
