GIT
  remote: https://github.com/ryanfb/geocollider.git
  revision: 5c92fdf7d3533046cbdcf77fba066ca816f43de1
  specs:
    geocollider (0.0.0)
      highline
      rgeo
      rgeo-geojson

GEM
  remote: https://rubygems.org/
  specs:
    coffee-script (2.4.1)
      coffee-script-source
      execjs
    coffee-script-source (1.12.2)
    concurrent-ruby (1.0.4)
    execjs (2.7.0)
    haml (4.0.7)
      tilt
    highline (1.7.8)
    rack (1.6.5)
    rack-protection (1.5.3)
      rack
    rgeo (0.5.3)
    rgeo-geojson (0.4.3)
      rgeo (~> 0.5)
    sass (3.4.23)
    sinatra (1.4.7)
      rack (~> 1.5)
      rack-protection (~> 1.4)
      tilt (>= 1.3, < 3)
    sprockets (3.7.1)
      concurrent-ruby (~> 1.0)
      rack (> 1, < 3)
    tilt (2.0.5)
    uglifier (3.0.4)
      execjs (>= 0.3.0, < 3)

PLATFORMS
  ruby

DEPENDENCIES
  coffee-script
  execjs
  geocollider!
  haml
  sass
  sinatra
  sprockets
  uglifier

BUNDLED WITH
   1.13.2
